GIT
  remote: git://github.com/parasquid/opengraph.git
  revision: 0b16cd4334ab28defa8e4c8701219fd71f7420b7
  specs:
    opengraph (0.0.4)
      hashie
      nokogiri (~> 1.4.0)
      rest-client (~> 1.6.0)

GEM
  remote: http://rubygems.org/
  specs:
    diff-lcs (1.1.3)
    git (1.2.5)
    hashie (1.2.0)
    httparty (0.8.1)
      multi_json
      multi_xml
    jeweler (1.8.3)
      bundler (~> 1.0)
      git (>= 1.2.5)
      rake
      rdoc
    json (1.6.5)
    mime-types (1.17.2)
    multi_json (1.1.0)
    multi_xml (0.4.1)
    nokogiri (1.4.7)
    rake (0.9.2.2)
    rdoc (3.12)
      json (~> 1.4)
    rest-client (1.6.7)
      mime-types (>= 1.16)
    rspec (2.8.0)
      rspec-core (~> 2.8.0)
      rspec-expectations (~> 2.8.0)
      rspec-mocks (~> 2.8.0)
    rspec-core (2.8.0)
    rspec-expectations (2.8.0)
      diff-lcs (~> 1.1.2)
    rspec-mocks (2.8.0)
    shoulda (2.11.3)

PLATFORMS
  ruby

DEPENDENCIES
  bundler (~> 1.0.0)
  httparty
  jeweler (~> 1.8.3)
  nokogiri
  opengraph!
  rdoc (~> 3.12)
  rspec
  shoulda
